PATH
  remote: .
  specs:
    emma (0.0.1)
      httparty
      json

GEM
  remote: https://rubygems.org/
  specs:
    activesupport (3.2.11)
      i18n (~> 0.6)
      multi_json (~> 1.0)
    addressable (2.3.2)
    crack (0.3.2)
    httparty (0.10.0)
      multi_json (~> 1.0)
      multi_xml
    i18n (0.6.1)
    json (2.3.1)
    multi_json (1.5.0)
    multi_xml (0.5.2)
    rake (10.0.3)
    shoulda (3.3.2)
      shoulda-context (~> 1.0.1)
      shoulda-matchers (~> 1.4.1)
    shoulda-context (1.0.2)
    shoulda-matchers (1.4.1)
      activesupport (>= 3.0.0)
    vcr (2.4.0)
    webmock (1.9.0)
      addressable (>= 2.2.7)
      crack (>= 0.1.7)

PLATFORMS
  ruby

DEPENDENCIES
  emma!
  rake
  shoulda
  vcr
  webmock
